PATH
  remote: .
  specs:
    zapt (1.0.1)
      bson_ext (~> 1.12.5)
      colored (~> 1.2)
      erubis (~> 2.7)
      facter (~> 4.10)
      logger (~> 1.6.0)
      mongo (~> 1.12.5)
      rvm (~> 1.11)
      thor (~> 1.2.2)

GEM
  remote: https://rubygems.org/
  specs:
    bson (1.12.5)
    bson_ext (1.12.5)
      bson (~> 1.12.5)
    colored (1.2)
    erubis (2.7.0)
    facter (4.10.0)
      hocon (~> 1.3)
      thor (>= 1.0.1, < 1.3)
    hocon (1.4.0)
    logger (1.6.0)
    mongo (1.12.5)
      bson (= 1.12.5)
    rvm (1.11.3.9)
    stringio (3.1.2)
    thor (1.2.2)

PLATFORMS
  ruby
  x86_64-linux

DEPENDENCIES
  stringio (= 3.1.2)
  zapt!

BUNDLED WITH
   2.5.23
