PATH
  remote: .
  specs:
    zapt (1.0.1)

GEM
  remote: https://rubygems.org/
  specs:
    bson (1.12.5)
    bson_ext (1.12.5)
      bson (~> 1.12.5)
    colored (1.2)
    cssminify (1.0.2)
    erubis (2.7.0)
    facter (4.7.0)
      hocon (~> 1.3)
      thor (>= 1.0.1, < 1.3)
    hocon (1.4.0)
    logger (1.6.5)
    mini_portile2 (2.8.8)
    mongo (1.12.5)
      bson (= 1.12.5)
    rake (13.2.1)
    rvm (1.11.3.9)
    sass (3.4.25)
    sqlite (1.0.2)
    sqlite3 (2.0.3)
      mini_portile2 (~> 2.8.0)
    sqlite3 (2.0.3-x86_64-linux-gnu)
    stringio (3.1.2)
    thor (1.2.2)

PLATFORMS
  ruby
  x86_64-linux

DEPENDENCIES
  bson_ext (~> 1.12.5)
  colored (~> 1.2)
  cssminify (= 1.0.2)
  erubis (~> 2.7)
  facter (= 4.7.0)
  logger (~> 1.6.5)
  mongo (~> 1.12.5)
  rake (= 13.2.1)
  rvm (= 1.11.3.9)
  sass (= 3.4.25)
  sqlite (= 1.0.2)
  sqlite3 (= 2.0.3)
  stringio (~> 3.1.2)
  thor (~> 1.2)
  zapt!

BUNDLED WITH
   2.5.23
