PATH
  remote: .
  specs:
    zapt (1.0.1)
      bson_ext (= 1.12.5)
      colored
      erubis
      facter
      irb (= 1.14.0)
      logger (= 1.6.0)
      mongo (= 1.12.5)
      psych (= 5.2.0)
      reline (= 0.5.9)
      rvm
      stringio (= 3.0.4)
      thor (= 1.2.2)

GEM
  remote: https://rubygems.org/
  specs:
    bson (1.12.5)
    bson_ext (1.12.5)
      bson (~> 1.12.5)
    colored (1.2)
    erubis (2.7.0)
    facter (4.10.0)
      hocon (~> 1.3)
      thor (>= 1.0.1, < 1.3)
    hocon (1.4.0)
    io-console (0.7.2)
    irb (1.14.0)
      rdoc (>= 4.0.0)
      reline (>= 0.4.2)
    logger (1.6.0)
    mongo (1.12.5)
      bson (= 1.12.5)
    psych (5.2.0)
      stringio
    rdoc (6.7.0)
      psych (>= 4.0.0)
    reline (0.5.9)
      io-console (~> 0.5)
    rvm (1.11.3.9)
    stringio (3.0.4)
    thor (1.2.2)

PLATFORMS
  ruby
  x86_64-linux

DEPENDENCIES
  zapt!

BUNDLED WITH
   2.5.16
